GEM
  remote: http://rubygems.org/
  specs:
    albacore (0.2.7)
      rubyzip (~> 0.9)
    git (1.2.5)
    jeweler (1.6.2)
      bundler (~> 1.0)
      git (>= 1.2.5)
      rake
    nokogiri (1.4.6-x86-mingw32)
    rake (0.9.2.2)
    rubyzip (0.9.4)

PLATFORMS
  x86-mingw32

DEPENDENCIES
  albacore
  git
  jeweler
  nokogiri
